GEM
  remote: https://rubygems.org/
  specs:
    appwrite (1.0.11)

PLATFORMS
  ruby

DEPENDENCIES
  appwrite (~> 1.0, >= 1.0.11)

RUBY VERSION
   ruby 2.7.2p137

BUNDLED WITH
   2.1.4
